GIT
  remote: https://github.com/roqua/authmac.git
  revision: e5d4a01c02c0885a35d08c1da10d93f8bb7a6266
  specs:
    authmac (2.0.2)

GEM
  remote: http://rubygems.org/
  specs:
    base64 (0.2.0)
    daemons (1.4.1)
    eventmachine (1.2.7)
    mustermann (3.0.3)
      ruby2_keywords (~> 0.0.1)
    rack (2.2.10)
    rack-protection (3.2.0)
      base64 (>= 0.1.0)
      rack (~> 2.2, >= 2.2.4)
    ruby2_keywords (0.0.5)
    sinatra (3.2.0)
      mustermann (~> 3.0)
      rack (~> 2.2, >= 2.2.4)
      rack-protection (= 3.2.0)
      tilt (~> 2.0)
    thin (1.8.2)
      daemons (~> 1.0, >= 1.0.9)
      eventmachine (~> 1.0, >= 1.0.4)
      rack (>= 1, < 3)
    tilt (2.6.0)

PLATFORMS
  ruby

DEPENDENCIES
  authmac!
  sinatra
  thin

RUBY VERSION
   ruby 3.3.7p123

BUNDLED WITH
   2.6.3
