GIT
  remote: git://github.com/roqua/authmac
  revision: a785fd8241d39fbccc8cb7729524c2f02bfefbc5
  specs:
    authmac (0.0.1)

GEM
  remote: http://rubygems.org/
  specs:
    rack (1.5.1)
    rack-protection (1.3.2)
      rack
    sinatra (1.3.4)
      rack (~> 1.4)
      rack-protection (~> 1.3)
      tilt (~> 1.3, >= 1.3.3)
    tilt (1.3.3)

PLATFORMS
  ruby

DEPENDENCIES
  authmac!
  sinatra
